GIT
  remote: https://github.com/CocoaPods/Xcodeproj.git
  revision: b208640ffd04ffb1ec1becc085e8b3f3759ff8f1
  branch: tvos-support
  specs:
    xcodeproj (0.27.2)
      activesupport (>= 3)
      claide (~> 0.9.1)
      colored (~> 1.2)

PATH
  remote: /Users/orta/dev/ruby/Rainforest/cocoaPods
  specs:
    cocoapods (0.39.0.beta.4)
      activesupport (>= 3.2.15)
      claide (~> 0.9.1)
      cocoapods-core (= 0.39.0.beta.4)
      cocoapods-downloader (~> 0.9.3)
      cocoapods-plugins (~> 0.4.2)
      cocoapods-search (~> 0.1.0)
      cocoapods-stats (~> 0.6.1)
      cocoapods-trunk (~> 0.6.4)
      cocoapods-try (~> 0.5.1)
      colored (~> 1.2)
      escape (~> 0.0.4)
      molinillo (~> 0.3.1)
      nap (~> 1.0)
      xcodeproj (~> 0.27.2)

GEM
  remote: https://rubygems.org/
  specs:
    RubyInline (3.12.4)
      ZenTest (~> 4.3)
    ZenTest (4.11.0)
    activesupport (4.2.4)
      i18n (~> 0.7)
      json (~> 1.7, >= 1.7.7)
      minitest (~> 5.1)
      thread_safe (~> 0.3, >= 0.3.4)
      tzinfo (~> 1.1)
    claide (0.9.1)
    cocoapods-core (0.39.0.beta.4)
      activesupport (>= 3.2.15)
      fuzzy_match (~> 2.0.4)
      nap (~> 1.0)
    cocoapods-deintegrate (0.2.1)
      cocoapods (~> 0.34)
    cocoapods-downloader (0.9.3)
    cocoapods-keys (1.4.0)
      osx_keychain
    cocoapods-plugins (0.4.2)
      nap
    cocoapods-search (0.1.0)
    cocoapods-stats (0.6.1)
    cocoapods-trunk (0.6.4)
      nap (>= 0.8, < 2.0)
      netrc (= 0.7.8)
    cocoapods-try (0.5.1)
    colored (1.2)
    escape (0.0.4)
    fuzzy_match (2.0.4)
    i18n (0.7.0)
    json (1.8.3)
    minitest (5.8.0)
    molinillo (0.3.1)
    nap (1.0.0)
    netrc (0.7.8)
    osx_keychain (1.0.1)
      RubyInline (~> 3)
    thread_safe (0.3.5)
    tzinfo (1.2.2)
      thread_safe (~> 0.1)

PLATFORMS
  ruby

DEPENDENCIES
  cocoapods!
  cocoapods-deintegrate
  cocoapods-keys
  xcodeproj!

BUNDLED WITH
   1.10.6
